PATH
  remote: .
  specs:
    flare-up (0.1)

GEM
  remote: http://rubygems.org/
  specs:

PLATFORMS
  ruby

DEPENDENCIES
  flare-up!
