PATH
  remote: .
  specs:
    flare-up (0.5)
      pg (~> 0.17)
      thor (~> 0.19)

GEM
  remote: http://rubygems.org/
  specs:
    diff-lcs (1.2.5)
    pg (0.17.1)
    rake (10.3.2)
    rspec (3.0.0)
      rspec-core (~> 3.0.0)
      rspec-expectations (~> 3.0.0)
      rspec-mocks (~> 3.0.0)
    rspec-core (3.0.3)
      rspec-support (~> 3.0.0)
    rspec-expectations (3.0.3)
      diff-lcs (>= 1.2.0, < 2.0)
      rspec-support (~> 3.0.0)
    rspec-its (1.0.1)
      rspec-core (>= 2.99.0.beta1)
      rspec-expectations (>= 2.99.0.beta1)
    rspec-mocks (3.0.3)
      rspec-support (~> 3.0.0)
    rspec-support (3.0.3)
    thor (0.19.1)

PLATFORMS
  ruby

DEPENDENCIES
  flare-up!
  rake (~> 10.0)
  rspec (~> 3.0)
  rspec-its (~> 1.0)
